GEM
  remote: https://rubygems.org/
  specs:
    coderay (1.1.1)
    method_source (0.8.2)
    mini_portile2 (2.1.0)
    nokogiri (1.7.0.1-x86-mingw32)
      mini_portile2 (~> 2.1.0)
    pry (0.10.4)
      coderay (~> 1.1.0)
      method_source (~> 0.8.1)
      slop (~> 3.4)
    rake (10.5.0)
    require_all (1.4.0)
    slop (3.6.0)

PLATFORMS
  x86-mingw32

DEPENDENCIES
  nokogiri
  pry
  rake
  require_all

BUNDLED WITH
   1.14.1
